GIT
  remote: git://github.com/nightsailer/padrino-sprockets.git
  revision: ae18862677fe8a6fe36c85dbc5b016ed919421ba
  specs:
    padrino-sprockets (0.0.3)
      sprockets

GEM
  remote: https://ruby.taobao.org/
  specs:
    POpen4 (0.1.4)
      Platform (>= 0.4.0)
      open4
    Platform (0.4.0)
    actionpack (4.1.4)
      actionview (= 4.1.4)
      activesupport (= 4.1.4)
      rack (~> 1.5.2)
      rack-test (~> 0.6.2)
    actionview (4.1.4)
      activesupport (= 4.1.4)
      builder (~> 3.1)
      erubis (~> 2.7.0)
    activemodel (4.1.4)
      activesupport (= 4.1.4)
      builder (~> 3.1)
    activesupport (4.1.4)
      i18n (~> 0.6, >= 0.6.9)
      json (~> 1.7, >= 1.7.7)
      minitest (~> 5.1)
      thread_safe (~> 0.1)
      tzinfo (~> 1.1)
    bson (2.3.0)
    builder (3.2.2)
    coffee-script (2.2.0)
      coffee-script-source
      execjs
    coffee-script-source (1.7.0)
    connection_pool (2.0.0)
    daemons (1.1.9)
    erubis (2.7.0)
    eventmachine (1.0.3)
    execjs (2.2.1)
    hike (1.2.3)
    http_router (0.11.1)
      rack (>= 1.0.0)
      url_mount (~> 0.2.1)
    i18n (0.6.11)
    json (1.8.1)
    kaminari (0.16.1)
      actionpack (>= 3.0.0)
      activesupport (>= 3.0.0)
    mail (2.5.4)
      mime-types (~> 1.16)
      treetop (~> 1.4.8)
    mime-types (1.25.1)
    minitest (5.4.0)
    moneta (0.7.20)
    mongoid (4.0.0)
      activemodel (~> 4.0)
      moped (~> 2.0.0)
      origin (~> 2.1)
      tzinfo (>= 0.3.37)
    moped (2.0.0)
      bson (~> 2.2)
      connection_pool (~> 2.0)
      optionable (~> 0.2.0)
    multi_json (1.10.1)
    open4 (1.3.4)
    optionable (0.2.0)
    origin (2.1.1)
    padrino (0.12.2)
      padrino-admin (= 0.12.2)
      padrino-cache (= 0.12.2)
      padrino-core (= 0.12.2)
      padrino-gen (= 0.12.2)
      padrino-helpers (= 0.12.2)
      padrino-mailer (= 0.12.2)
      padrino-support (= 0.12.2)
    padrino-admin (0.12.2)
      padrino-core (= 0.12.2)
      padrino-helpers (= 0.12.2)
    padrino-cache (0.12.2)
      moneta (~> 0.7.0)
      padrino-core (= 0.12.2)
      padrino-helpers (= 0.12.2)
    padrino-core (0.12.2)
      activesupport (>= 3.1)
      http_router (~> 0.11.0)
      padrino-support (= 0.12.2)
      rack-protection (>= 1.5.0)
      sinatra (~> 1.4.2)
      thor (~> 0.18.0)
    padrino-gen (0.12.2)
      bundler (~> 1.0)
      padrino-core (= 0.12.2)
    padrino-helpers (0.12.2)
      i18n (~> 0.6, >= 0.6.7)
      padrino-support (= 0.12.2)
      tilt (~> 1.4.1)
    padrino-mailer (0.12.2)
      mail (~> 2.5.3)
      padrino-core (= 0.12.2)
    padrino-support (0.12.2)
      activesupport (>= 3.1)
    polyglot (0.3.5)
    rack (1.5.2)
    rack-protection (1.5.3)
      rack
    rack-test (0.6.2)
      rack (>= 1.0)
    rake (10.3.2)
    sinatra (1.4.5)
      rack (~> 1.4)
      rack-protection (~> 1.4)
      tilt (~> 1.3, >= 1.3.4)
    slim (2.0.3)
      temple (~> 0.6.6)
      tilt (>= 1.3.3, < 2.1)
    sprockets (2.12.1)
      hike (~> 1.2)
      multi_json (~> 1.0)
      rack (~> 1.0)
      tilt (~> 1.1, != 1.3.0)
    temple (0.6.8)
    thin (1.6.2)
      daemons (>= 1.0.9)
      eventmachine (>= 1.0.0)
      rack (>= 1.0.0)
    thor (0.18.1)
    thread_safe (0.3.4)
    tilt (1.4.1)
    treetop (1.4.15)
      polyglot
      polyglot (>= 0.3.1)
    tzinfo (1.2.1)
      thread_safe (~> 0.1)
    uglifier (2.1.1)
      execjs (>= 0.3.0)
      multi_json (~> 1.0, >= 1.0.2)
    url_mount (0.2.1)
      rack
    yui-compressor (0.9.6)
      POpen4 (>= 0.1.4)

PLATFORMS
  ruby

DEPENDENCIES
  actionpack (~> 4.1.4)
  coffee-script
  kaminari (~> 0.16.1)
  mongoid (~> 4.0.0)
  padrino (= 0.12.2)
  padrino-sprockets!
  rake
  slim
  thin
  uglifier (= 2.1.1)
  yui-compressor (= 0.9.6)
